GEM
  remote: https://rubygems.org/
  specs:
    after_do (0.4.0)
    furoshiki (0.6.1)
      plist
      rubyzip (>= 1.0.0)
      warbler (~> 2.0.4)
    jruby-jars (9.4.2.0)
    jruby-rack (1.1.22)
    matrix (0.4.2)
    nokogiri (1.6.4.1-java)
    plist (3.7.0)
    rake (13.0.6)
    rubyzip (1.3.0)
    shoes (4.0.0.rc1)
      shoes-core (= 4.0.0.rc1)
      shoes-manual (~> 4.0.0, >= 4.0.0)
      shoes-swt (= 4.0.0.rc1)
    shoes-core (4.0.0.rc1)
    shoes-highlighter (1.0.1)
    shoes-manual (4.0.1)
      nokogiri (~> 1.6.4.1, >= 1.6.4.1)
      shoes-highlighter (~> 1.0, >= 1.0.0)
    shoes-package (4.0.0.rc1)
      bundler
      furoshiki (~> 0.6.0)
      shoes-core (= 4.0.0.rc1)
    shoes-swt (4.0.0.rc1)
      after_do (~> 0.4.0)
      shoes-core (= 4.0.0.rc1)
      shoes-package (= 4.0.0.rc1)
      swt (~> 4.6.1.1)
    swt (4.6.1.1)
    warbler (2.0.5)
      jruby-jars (>= 9.0.0.0)
      jruby-rack (>= 1.1.1, < 1.3)
      rake (>= 10.1.0)
      rubyzip (~> 1.0, < 1.4)

PLATFORMS
  universal-java-1.8
  universal-java-17

DEPENDENCIES
  matrix
  shoes (>= 4.0.0.rc1)
  warbler

BUNDLED WITH
   2.4.13
